GEM
  remote: https://rubygems.org/
  specs:
    docile (1.4.0)
    simplecov (0.21.2)
      docile (~> 1.1)
      simplecov-html (~> 0.11)
      simplecov_json_formatter (~> 0.1)
    simplecov-html (0.12.3)
    simplecov_json_formatter (0.1.3)
    timecop (0.8.1)

PLATFORMS
  x86_64-darwin-20

DEPENDENCIES
  simplecov (~> 0.21.2)
  timecop (~> 0.8.1)

BUNDLED WITH
   2.2.21
